PATH
  remote: .
  specs:
    sdp (0.2.9)
      parslet (>= 1.1.0)

GEM
  remote: http://rubygems.org/
  specs:
    blankslate (2.1.2.4)
    diff-lcs (1.1.3)
    multi_json (1.3.7)
    parslet (1.4.0)
      blankslate (~> 2.0)
    rake (0.9.2.2)
    rspec (2.11.0)
      rspec-core (~> 2.11.0)
      rspec-expectations (~> 2.11.0)
      rspec-mocks (~> 2.11.0)
    rspec-core (2.11.1)
    rspec-expectations (2.11.3)
      diff-lcs (~> 1.1.3)
    rspec-mocks (2.11.3)
    simplecov (0.7.1)
      multi_json (~> 1.0)
      simplecov-html (~> 0.7.1)
    simplecov-html (0.7.1)
    yard (0.9.25)

PLATFORMS
  java
  ruby

DEPENDENCIES
  bundler (> 1.0.0)
  rake
  rspec (>= 2.6.0)
  sdp!
  simplecov (>= 0.5.0)
  yard (>= 0.6.0)
