PATH
  remote: .
  specs:
    sdp (1.0.0.alpha)
      log_switch (>= 0.4.0)

GEM
  remote: http://rubygems.org/
  specs:
    diff-lcs (1.1.3)
    log_switch (0.4.0)
    multi_json (1.4.0)
    rake (10.0.2)
    rspec (2.12.0)
      rspec-core (~> 2.12.0)
      rspec-expectations (~> 2.12.0)
      rspec-mocks (~> 2.12.0)
    rspec-core (2.12.1)
    rspec-expectations (2.12.0)
      diff-lcs (~> 1.1.3)
    rspec-mocks (2.12.0)
    simplecov (0.7.1)
      multi_json (~> 1.0)
      simplecov-html (~> 0.7.1)
    simplecov-html (0.7.1)
    yard (0.8.3)

PLATFORMS
  java
  ruby

DEPENDENCIES
  bundler (> 1.0.0)
  rake
  rspec (>= 2.6.0)
  sdp!
  simplecov (>= 0.5.0)
  yard (>= 0.6.0)
